GEM
  specs:
    activesupport (3.0.10)
    i18n (0.5.0)
    json (1.7.6)
    mime-types (1.20.1)
    oauth (0.4.7)
    rest-client (1.6.7)
      mime-types (>= 1.16)
    runcible (0.3.3)
      activesupport (>= 3.0.10)
      i18n (>= 0.5.0)
      json
      oauth
      rest-client (>= 1.6.1)

PLATFORMS
  ruby

DEPENDENCIES
  runcible (~> 0.3.1)
