GEM
  remote: http://repos.fedorapeople.org/repos/katello/gems/
  specs:
    ZenTest (4.5.0)
    abstract (1.0.0)
    actionmailer (3.0.10)
      actionpack (= 3.0.10)
      mail (~> 2.3.0)
    actionpack (3.0.10)
      activemodel (= 3.0.10)
      activesupport (= 3.0.10)
      builder (~> 2.1.2)
      erubis (~> 2.6.6)
      i18n (~> 0.5.0)
      rack (>= 1.2.1)
      rack-mount (>= 0.6.14)
      rack-test (>= 0.5.4)
      tzinfo (~> 0.3.23)
    activemodel (3.0.10)
      activesupport (= 3.0.10)
      builder (~> 2.1.2)
      i18n (~> 0.5.0)
    activerecord (3.0.10)
      activemodel (= 3.0.10)
      activesupport (= 3.0.10)
      arel (~> 2.0.9)
      tzinfo (~> 0.3.23)
    activeresource (3.0.10)
      activemodel (= 3.0.10)
      activesupport (= 3.0.10)
    activesupport (3.0.10)
    acts_as_reportable (1.1.1)
      ruport (>= 1.6.0)
    arel (2.0.9)
    autotest-rails (4.1.0)
      ZenTest
    builder (2.1.2)
    chunky_png (1.2.0)
    ci_reporter (1.6.4)
      builder (>= 2.1.2)
    closure-compiler (0.3.3)
    color (1.4.1)
    columnize (0.3.2)
    compass (0.11.5)
      chunky_png (~> 1.2)
      fssm (>= 0.2.7)
      sass (~> 3.1)
    compass-960-plugin (0.10.4)
      compass (>= 0.10.0)
    daemons (1.1.4)
    delayed_job (2.1.4)
      activesupport (~> 3.0)
      daemons
    diff-lcs (1.1.2)
    erubis (2.6.6)
      abstract (>= 1.0.0)
    eventmachine (0.12.10)
    fast_gettext (0.5.10)
    fastercsv (1.5.4)
    fssm (0.2.7)
    gettext (2.1.0)
      locale (>= 2.0.5)
    gettext_i18n_rails (0.2.13)
      fast_gettext
    haml (3.1.2)
    haml-rails (0.3.4)
      actionpack (~> 3.0)
      activesupport (~> 3.0)
      haml (~> 3.0)
      railties (~> 3.0)
    hoe (2.12.3)
      rake (~> 0.8)
    i18n (0.5.0)
    i18n_data (0.2.7)
      activesupport
    jammit (0.5.4)
      closure-compiler (>= 0.1.0)
      yui-compressor (>= 0.9.1)
    js-routes (0.6.2)
      rails (>= 3.0)
    json (1.4.6)
    linecache (0.43)
    locale (2.0.5)
    mail (2.3.0)
      i18n (>= 0.4.0)
      mime-types (~> 1.16)
      treetop (~> 1.4.8)
    mime-types (1.16)
    multi_json (1.0.4)
    net-ldap (0.1.1)
    newrelic_rpm (3.1.1)
    nokogiri (1.5.0)
    oauth (0.4.4)
    pdf-writer (1.1.8)
      color (>= 1.4.0)
      transaction-simple (~> 1.3)
    pg (0.10.1)
    polyglot (0.3.1)
    rack (1.3.0)
    rack-mount (0.7.1)
      rack (>= 1.0.0)
      regin (>= 0.3.7)
    rack-test (0.5.7)
      rack (>= 1.0)
    rails (3.0.10)
      actionmailer (= 3.0.10)
      actionpack (= 3.0.10)
      activerecord (= 3.0.10)
      activeresource (= 3.0.10)
      activesupport (= 3.0.10)
      bundler (~> 1.0)
      railties (= 3.0.10)
    rails_warden (0.5.2)
      warden
    railties (3.0.10)
      actionpack (= 3.0.10)
      activesupport (= 3.0.10)
      rake (>= 0.8.7)
      rdoc (~> 3.4)
      thor (~> 0.14.4)
    rake (0.9.2)
    rcov (0.9.9)
    rdoc (3.8)
    regin (0.3.8)
    rest-client (1.6.1)
      mime-types (>= 1.16)
    rspec (2.5.0)
      rspec-core (~> 2.5.0)
      rspec-expectations (~> 2.5.0)
      rspec-mocks (~> 2.5.0)
    rspec-core (2.5.1)
    rspec-expectations (2.5.0)
      diff-lcs (~> 1.1.2)
    rspec-mocks (2.5.0)
    rspec-rails (2.5.0)
      actionpack (~> 3.0)
      activesupport (~> 3.0)
      railties (~> 3.0)
      rspec (~> 2.5.0)
    ruby-debug (0.10.4)
      columnize (>= 0.1)
      ruby-debug-base (~> 0.10.4.0)
    ruby-debug-base (0.10.4)
      linecache (>= 0.3)
    ruby_parser (2.0.6)
      sexp_processor (~> 3.0)
    ruport (1.6.3)
      fastercsv
      pdf-writer (= 1.1.8)
    sass (3.1.4)
    scoped_search (2.3.6)
      activerecord (>= 2.1.0)
    sexp_processor (3.0.5)
    simple-navigation (3.3.4)
      activesupport (>= 2.3.2)
    thin (1.2.11)
      daemons (>= 1.0.9)
      eventmachine (>= 0.12.6)
      rack (>= 1.0.0)
    thor (0.14.6)
    tire (0.3.12)
      activemodel (~> 3.0)
      multi_json (~> 1.0)
      rake
      rest-client (~> 1.6.0)
    transaction-simple (1.4.0)
      hoe (>= 1.1.7)
    treetop (1.4.9)
      polyglot (>= 0.2.5)
    tzinfo (0.3.26)
    uuidtools (2.1.1)
    warden (1.0.3)
      rack (>= 1.0.0)
    webrat (0.7.3)
      nokogiri (>= 1.2.0)
      rack (>= 1.0)
      rack-test (>= 0.5.3)
    yard (0.6.4)
    yui-compressor (0.9.1)

PLATFORMS
  ruby

DEPENDENCIES
  ZenTest (>= 4.4.0)
  acts_as_reportable (>= 1.1.1)
  autotest-rails (>= 4.1.0)
  ci_reporter (>= 1.6.3)
  compass (>= 0.11.5)
  compass-960-plugin (>= 0.10.4)
  daemons (>= 1.1.4)
  delayed_job (>= 2.1.4)
  gettext (>= 1.9.3)
  gettext_i18n_rails
  haml (>= 3.1.2)
  haml-rails
  i18n_data (>= 0.2.6)
  jammit
  js-routes
  json
  net-ldap
  newrelic_rpm
  nokogiri (>= 1.5.0)
  oauth
  pg
  rails (= 3.0.10)
  rails_warden
  rcov (>= 0.9.9)
  rest-client
  rspec-rails (>= 2.0.0)
  ruby-debug
  ruby_parser
  ruport (>= 1.6.3)
  scoped_search (>= 2.3.6)
  simple-navigation (= 3.3.4)
  thin (>= 1.2.11)
  tire
  uuidtools
  webrat (>= 0.7.3)
  yard (>= 0.5.3)
