GEM
  remote: http://rubygems.org/
  specs:
    Ascii85 (1.0.2)
    POpen4 (0.1.4)
      Platform (>= 0.4.0)
      open4
    Platform (0.4.0)
    ZenTest (4.8.3)
    abstract (1.0.0)
    actionmailer (3.0.10)
      actionpack (= 3.0.10)
      mail (~> 2.2.19)
    actionpack (3.0.10)
      activemodel (= 3.0.10)
      activesupport (= 3.0.10)
      builder (~> 2.1.2)
      erubis (~> 2.6.6)
      i18n (~> 0.5.0)
      rack (~> 1.2.1)
      rack-mount (~> 0.6.14)
      rack-test (~> 0.5.7)
      tzinfo (~> 0.3.23)
    activemodel (3.0.10)
      activesupport (= 3.0.10)
      builder (~> 2.1.2)
      i18n (~> 0.5.0)
    activerecord (3.0.10)
      activemodel (= 3.0.10)
      activesupport (= 3.0.10)
      arel (~> 2.0.10)
      tzinfo (~> 0.3.23)
    activeresource (3.0.10)
      activemodel (= 3.0.10)
      activesupport (= 3.0.10)
    activesupport (3.0.10)
    acts_as_reportable (1.1.1)
      ruport (>= 1.6.0)
    addressable (2.3.2)
    anemone (0.7.2)
      nokogiri (>= 1.3.0)
      robotex (>= 1.0.0)
    apipie-rails (0.0.16)
      rails (>= 3.0.10)
    arel (2.0.10)
    autotest-rails (4.1.2)
      ZenTest (~> 4.5)
    builder (2.1.2)
    chunky_png (1.2.7)
    ci_reporter (1.7.3)
      builder (>= 2.1.2)
    color (1.4.1)
    columnize (0.3.6)
    compass (0.11.7)
      chunky_png (~> 1.2)
      fssm (>= 0.2.7)
      sass (~> 3.1)
    compass-960-plugin (0.10.4)
      compass (>= 0.10.0)
    crack (0.3.2)
    daemons (1.1.9)
    debugger (1.3.1)
      columnize (>= 0.3.1)
      debugger-linecache (~> 1.1.1)
      debugger-ruby_core_source (~> 1.1.8)
    debugger-linecache (1.1.2)
      debugger-ruby_core_source (>= 1.1.1)
    debugger-ruby_core_source (1.1.8)
    delayed_job (2.1.4)
      activesupport (~> 3.0)
      daemons
    diff-lcs (1.1.3)
    erubis (2.6.6)
      abstract (>= 1.0.0)
    eventmachine (1.0.0)
    execjs (1.4.0)
      multi_json (~> 1.0)
    factory_girl (2.3.2)
      activesupport
    factory_girl_rails (1.4.0)
      factory_girl (~> 2.3.0)
      railties (>= 3.0.0)
    fast_gettext (0.7.0)
    foreman_api (0.1.0)
      json
      oauth
      rest-client (>= 1.6.1)
    fssm (0.2.10)
    gettext (2.3.7)
      levenshtein
      locale
    gettext_i18n_rails (0.9.2)
      fast_gettext (>= 0.4.8)
    haml (3.1.7)
    haml-rails (0.3.4)
      actionpack (~> 3.0)
      activesupport (~> 3.0)
      haml (~> 3.0)
      railties (~> 3.0)
    hooks (0.2.2)
    i18n (0.5.0)
    i18n_data (0.3.3)
    jammit (0.6.5)
      yui-compressor (>= 0.9.3)
    js-routes (0.6.2)
      rails (>= 3.0)
    jshintrb (0.2.1)
      execjs
      multi_json (>= 1.3)
      rake
    json (1.7.7)
    ldap_fluff (0.1.3)
      net-ldap
    levenshtein (0.2.2)
    libv8 (3.11.8.13)
    locale (2.0.8)
    logical-insight (0.4.7)
      sqlite3 (~> 1.3.3)
      uuid (~> 2.3.1)
    macaddr (1.6.1)
      systemu (~> 2.5.0)
    mail (2.2.19)
      activesupport (>= 2.3.6)
      i18n (>= 0.4.0)
      mime-types (~> 1.16)
      treetop (~> 1.4.8)
    maruku (0.6.1)
      syntax (>= 1.0.0)
    mime-types (1.21)
    minitest (4.5.0)
    minitest-rails (0.5.1)
      minitest (~> 4.0)
      rails (>= 3.0)
    multi_json (1.5.1)
    net-ldap (0.3.1)
    newrelic_rpm (3.5.5.38)
    nokogiri (1.5.6)
    oauth (0.4.7)
    open4 (1.3.0)
    parallel (0.6.2)
    parallel_tests (0.9.3)
      parallel
    pdf-reader (1.1.1)
      Ascii85 (~> 1.0.0)
      ruby-rc4
    pdf-writer (1.1.8)
      color (>= 1.4.0)
      transaction-simple (~> 1.3)
    pg (0.14.1)
    polyglot (0.3.3)
    prawn (0.12.0)
      pdf-reader (>= 0.9.0)
      ttfunk (~> 1.0.2)
    rack (1.2.8)
    rack-mount (0.6.14)
      rack (>= 1.0.0)
    rack-test (0.5.7)
      rack (>= 1.0)
    rails (3.0.10)
      actionmailer (= 3.0.10)
      actionpack (= 3.0.10)
      activerecord (= 3.0.10)
      activeresource (= 3.0.10)
      activesupport (= 3.0.10)
      bundler (~> 1.0)
      railties (= 3.0.10)
    rails-dev-boost (0.2.1)
      rails (>= 3.0)
    rails_warden (0.5.7)
      warden (>= 1.0.0)
    railties (3.0.10)
      actionpack (= 3.0.10)
      activesupport (= 3.0.10)
      rake (>= 0.8.7)
      rdoc (~> 3.4)
      thor (~> 0.14.4)
    rake (10.0.3)
    rdoc (3.12.1)
      json (~> 1.4)
    ref (1.0.2)
    rest-client (1.6.7)
      mime-types (>= 1.16)
    robotex (1.0.0)
    rspec-core (2.12.2)
    rspec-expectations (2.12.1)
      diff-lcs (~> 1.1.3)
    rspec-mocks (2.12.2)
    rspec-rails (2.12.2)
      actionpack (>= 3.0)
      activesupport (>= 3.0)
      railties (>= 3.0)
      rspec-core (~> 2.12.0)
      rspec-expectations (~> 2.12.0)
      rspec-mocks (~> 2.12.0)
    ruby-prof (0.12.1)
    ruby-rc4 (0.1.5)
    ruby_parser (3.1.1)
      sexp_processor (~> 4.1)
    runcible (0.3.3)
      activesupport (>= 3.0.10)
      i18n (>= 0.5.0)
      json
      oauth
      rest-client (>= 1.6.1)
    ruport (1.7.0)
      pdf-writer (= 1.1.8)
      prawn (>= 0.12.0)
    sass (3.2.5)
    sexp_processor (4.1.4)
    simple-navigation (3.10.0)
      activesupport (>= 2.3.2)
    simplecov (0.7.1)
      multi_json (~> 1.0)
      simplecov-html (~> 0.7.1)
    simplecov-html (0.7.1)
    sqlite3 (1.3.7)
    syntax (1.0.0)
    systemu (2.5.2)
    therubyracer (0.11.3)
      libv8 (~> 3.11.8.12)
      ref
    thin (1.5.0)
      daemons (>= 1.0.9)
      eventmachine (>= 0.12.6)
      rack (>= 1.0.0)
    thor (0.14.6)
    tire (0.3.12)
      activemodel (~> 3.0)
      multi_json (~> 1.0)
      rake
      rest-client (~> 1.6.0)
    transaction-simple (1.4.0.2)
    treetop (1.4.12)
      polyglot
      polyglot (>= 0.3.1)
    ttfunk (1.0.3)
    tzinfo (0.3.35)
    uuid (2.3.6)
      macaddr (~> 1.0)
    uuidtools (2.1.3)
    vcr (2.4.0)
    warden (1.2.1)
      rack (>= 1.0)
    webmock (1.9.0)
      addressable (>= 2.2.7)
      crack (>= 0.1.7)
    webrat (0.7.3)
      nokogiri (>= 1.2.0)
      rack (>= 1.0)
      rack-test (>= 0.5.3)
    yard (0.8.4.1)
    yui-compressor (0.9.6)
      POpen4 (>= 0.1.4)

PLATFORMS
  ruby

DEPENDENCIES
  ZenTest (>= 4.4.0, < 4.8.4)
  acts_as_reportable (>= 1.1.1)
  anemone
  apipie-rails (>= 0.0.13)
  autotest-rails (>= 4.1.0)
  ci_reporter (~> 1.7.2)
  compass (>= 0.11.5, < 0.12)
  compass-960-plugin (>= 0.10.4)
  daemons (>= 1.1.4)
  debugger
  delayed_job (~> 2.1.4)
  execjs
  factory_girl_rails (~> 1.4.0)
  foreman_api (>= 0.0.10)
  gettext (>= 1.9.3)
  gettext_i18n_rails
  haml (>= 3.1.2)
  haml-rails (= 0.3.4)
  hooks
  i18n_data (>= 0.2.6)
  jammit (>= 0.5.4)
  js-routes (~> 0.6.2)
  jshintrb (= 0.2.1)
  json
  ldap_fluff
  logical-insight
  maruku
  minitest (<= 4.5.0)
  minitest-rails
  multi_json (>= 1.3)
  net-ldap
  newrelic_rpm
  nokogiri (>= 1.5.0)
  oauth
  parallel_tests
  pdf-reader (<= 1.1.1)
  pg
  prawn
  rails (= 3.0.10)
  rails-dev-boost
  rails_warden (>= 0.5.2)
  ref
  rest-client
  rspec-rails (>= 2.0.0)
  ruby-prof
  ruby_parser
  runcible (~> 0.3.3)
  ruport (>= 1.7.0)
  sexp_processor
  simple-navigation (>= 3.3.4)
  simplecov
  therubyracer (~> 0.11.0)
  thin (>= 1.2.8)
  tire (>= 0.3.0, < 0.4)
  uuidtools
  vcr
  webmock
  webrat (>= 0.7.3)
  yard (>= 0.5.3)
